GEM
  remote: https://rubygems.org/
  specs:
    activesupport (2.3.5)
    bson (1.8.5)
    bson_ext (1.8.5)
      bson (~> 1.8.5)
    builder (3.2.0)
    capybara (2.1.0)
      mime-types (>= 1.16)
      nokogiri (>= 1.3.3)
      rack (>= 1.0.0)
      rack-test (>= 0.5.4)
      xpath (~> 2.0)
    coderay (1.0.9)
    cucumber (1.2.0)
      builder (>= 2.1.2)
      diff-lcs (>= 1.1.3)
      gherkin (~> 2.10.0)
      json (>= 1.4.6)
    daemons (1.1.9)
    diff-lcs (1.2.3)
    durran-validatable (2.0.1)
    eventmachine (1.0.3)
    gherkin (2.10.0)
      json (>= 1.4.6)
    json (1.7.7)
    method_source (0.8.1)
    mime-types (1.22)
    mongo (1.8.5)
      bson (~> 1.8.5)
    mongoid (1.2.14)
      activesupport (<= 2.3.5)
      durran-validatable (>= 2.0.1)
      mongo (>= 0.19.1)
      will_paginate (< 2.9)
    nokogiri (1.5.9)
    pry (0.9.12)
      coderay (~> 1.0.5)
      method_source (~> 0.8)
      slop (~> 3.4)
    rack (1.5.2)
    rack-protection (1.5.0)
      rack
    rack-test (0.6.2)
      rack (>= 1.0)
    rake (10.0.4)
    rspec (2.13.0)
      rspec-core (~> 2.13.0)
      rspec-expectations (~> 2.13.0)
      rspec-mocks (~> 2.13.0)
    rspec-core (2.13.1)
    rspec-expectations (2.13.0)
      diff-lcs (>= 1.1.3, < 2.0)
    rspec-mocks (2.13.1)
    sinatra (1.4.2)
      rack (~> 1.5, >= 1.5.2)
      rack-protection (~> 1.4)
      tilt (~> 1.3, >= 1.3.4)
    slop (3.4.4)
    thin (1.5.1)
      daemons (>= 1.0.9)
      eventmachine (>= 0.12.6)
      rack (>= 1.0.0)
    tilt (1.3.7)
    timecop (0.3.5)
    will_paginate (2.3.16)
    xpath (2.0.0)
      nokogiri (~> 1.3)

PLATFORMS
  ruby

DEPENDENCIES
  bson_ext
  capybara
  cucumber (= 1.2.0)
  mongoid
  pry
  rake
  rspec
  sinatra
  thin
  timecop (= 0.3.5)
